GIT
  remote: git://github.com/modeset/html-pipeline.git
  revision: 980a61e1f243a84247808651aa7133ef1d4f46ee
  specs:
    html-pipeline (1.11.0)
      activesupport (>= 2)
      nokogiri (~> 1.4)

GEM
  remote: https://rubygems.org/
  specs:
    activesupport (4.2.0)
      i18n (~> 0.7)
      json (~> 1.7, >= 1.7.7)
      minitest (~> 5.1)
      thread_safe (~> 0.3, >= 0.3.4)
      tzinfo (~> 1.1)
    charlock_holmes (0.7.3)
    coderay (1.1.0)
    daemons (1.1.9)
    dalli (2.7.2)
    diff-lcs (1.2.5)
    escape_utils (1.0.1)
    eventmachine (1.0.7)
    gemoji (2.1.0)
    github-linguist (4.4.2)
      charlock_holmes (~> 0.7.3)
      escape_utils (~> 1.0.1)
      mime-types (>= 1.19)
      rugged (~> 0.22.0b4)
    github-markdown (0.6.8)
    htmlentities (4.3.3)
    i18n (0.7.0)
    json (1.8.2)
    method_source (0.8.2)
    mime-types (2.4.3)
    mini_portile (0.6.2)
    minitest (5.5.1)
    newrelic_rpm (3.9.9.275)
    nokogiri (1.6.5)
      mini_portile (~> 0.6.0)
    posix-spawn (0.3.10)
    pry (0.10.1)
      coderay (~> 1.1.0)
      method_source (~> 0.8.1)
      slop (~> 3.4)
    puma (2.9.2)
      rack (>= 1.1, < 2.0)
    pygments.rb (0.6.2)
      posix-spawn (~> 0.3.6)
      yajl-ruby (~> 1.2.0)
    rack (1.6.0)
    rack-cache (1.2)
      rack (>= 0.4)
    rack-protection (1.5.3)
      rack
    rack-test (0.6.3)
      rack (>= 1.0)
    rack-timeout (0.1.1)
    rake (10.4.2)
    rinku (1.7.3)
    rspec (3.1.0)
      rspec-core (~> 3.1.0)
      rspec-expectations (~> 3.1.0)
      rspec-mocks (~> 3.1.0)
    rspec-core (3.1.7)
      rspec-support (~> 3.1.0)
    rspec-expectations (3.1.2)
      diff-lcs (>= 1.2.0, < 2.0)
      rspec-support (~> 3.1.0)
    rspec-mocks (3.1.3)
      rspec-support (~> 3.1.0)
    rspec-support (3.1.2)
    rugged (0.22.0b5)
    rumoji (0.4.0)
    sinatra (1.4.5)
      rack (~> 1.4)
      rack-protection (~> 1.4)
      tilt (~> 1.3, >= 1.3.4)
    slop (3.6.0)
    thin (1.6.3)
      daemons (~> 1.0, >= 1.0.9)
      eventmachine (~> 1.0)
      rack (~> 1.0)
    thread_safe (0.3.4)
    tilt (1.4.1)
    truncato (0.7.8)
      htmlentities (~> 4.3.1)
      nokogiri (~> 1.6.1)
    tzinfo (1.2.2)
      thread_safe (~> 0.1)
    yajl-ruby (1.2.1)

PLATFORMS
  ruby

DEPENDENCIES
  dalli
  gemoji (~> 2.1)
  github-linguist
  github-markdown (~> 0.6.7)
  html-pipeline!
  newrelic_rpm
  nokogiri (= 1.6.5)
  pry
  puma
  pygments.rb (~> 0.6.0)
  rack-cache
  rack-test
  rack-timeout
  rake
  rinku (~> 1.7)
  rspec
  rumoji (~> 0.4.0)
  sinatra
  thin
  truncato (~> 0.7.8)
